GEM
  remote: https://rubygems.org/
  specs:
    navykit (1.0.3)
    pocketdb (1.0.1)

PLATFORMS
  aarch64-linux-android
  ruby

DEPENDENCIES
  navykit (~> 1.0)
  pocketdb (~> 1.0)

RUBY VERSION
   ruby 3.4.1p0

BUNDLED WITH
   2.6.2
